GIT
  remote: https://github.com/rails/rails.git
  revision: 48aaffd0507205c69502aad0ebf7597f4d41807f
  branch: main
  specs:
    actioncable (8.0.0.alpha)
      actionpack (= 8.0.0.alpha)
      activesupport (= 8.0.0.alpha)
      nio4r (~> 2.0)
      websocket-driver (>= 0.6.1)
      zeitwerk (~> 2.6)
    actionmailbox (8.0.0.alpha)
      actionpack (= 8.0.0.alpha)
      activejob (= 8.0.0.alpha)
      activerecord (= 8.0.0.alpha)
      activestorage (= 8.0.0.alpha)
      activesupport (= 8.0.0.alpha)
      mail (>= 2.8.0)
    actionmailer (8.0.0.alpha)
      actionpack (= 8.0.0.alpha)
      actionview (= 8.0.0.alpha)
      activejob (= 8.0.0.alpha)
      activesupport (= 8.0.0.alpha)
      mail (>= 2.8.0)
      rails-dom-testing (~> 2.2)
    actionpack (8.0.0.alpha)
      actionview (= 8.0.0.alpha)
      activesupport (= 8.0.0.alpha)
      nokogiri (>= 1.8.5)
      rack (>= 2.2.4)
      rack-session (>= 1.0.1)
      rack-test (>= 0.6.3)
      rails-dom-testing (~> 2.2)
      rails-html-sanitizer (~> 1.6)
      useragent (~> 0.16)
    actiontext (8.0.0.alpha)
      actionpack (= 8.0.0.alpha)
      activerecord (= 8.0.0.alpha)
      activestorage (= 8.0.0.alpha)
      activesupport (= 8.0.0.alpha)
      globalid (>= 0.6.0)
      nokogiri (>= 1.8.5)
    actionview (8.0.0.alpha)
      activesupport (= 8.0.0.alpha)
      builder (~> 3.1)
      erubi (~> 1.11)
      rails-dom-testing (~> 2.2)
      rails-html-sanitizer (~> 1.6)
    activejob (8.0.0.alpha)
      activesupport (= 8.0.0.alpha)
      globalid (>= 0.3.6)
    activemodel (8.0.0.alpha)
      activesupport (= 8.0.0.alpha)
    activerecord (8.0.0.alpha)
      activemodel (= 8.0.0.alpha)
      activesupport (= 8.0.0.alpha)
      timeout (>= 0.4.0)
    activestorage (8.0.0.alpha)
      actionpack (= 8.0.0.alpha)
      activejob (= 8.0.0.alpha)
      activerecord (= 8.0.0.alpha)
      activesupport (= 8.0.0.alpha)
      marcel (~> 1.0)
    activesupport (8.0.0.alpha)
      base64
      bigdecimal
      concurrent-ruby (~> 1.0, >= 1.3.1)
      connection_pool (>= 2.2.5)
      drb
      i18n (>= 1.6, < 2)
      logger (>= 1.4.2)
      minitest (>= 5.1)
      securerandom (>= 0.3)
      tzinfo (~> 2.0, >= 2.0.5)
    rails (8.0.0.alpha)
      actioncable (= 8.0.0.alpha)
      actionmailbox (= 8.0.0.alpha)
      actionmailer (= 8.0.0.alpha)
      actionpack (= 8.0.0.alpha)
      actiontext (= 8.0.0.alpha)
      actionview (= 8.0.0.alpha)
      activejob (= 8.0.0.alpha)
      activemodel (= 8.0.0.alpha)
      activerecord (= 8.0.0.alpha)
      activestorage (= 8.0.0.alpha)
      activesupport (= 8.0.0.alpha)
      bundler (>= 1.15.0)
      railties (= 8.0.0.alpha)
    railties (8.0.0.alpha)
      actionpack (= 8.0.0.alpha)
      activesupport (= 8.0.0.alpha)
      irb (~> 1.13)
      rackup (>= 1.0.0)
      rake (>= 12.2)
      thor (~> 1.0, >= 1.2.2)
      zeitwerk (~> 2.6)

GEM
  remote: https://rubygems.org/
  specs:
    activerecord-enhancedsqlite3-adapter (0.8.0)
      activerecord (>= 7.1)
      sqlite3 (>= 1.6)
    addressable (2.8.6)
      public_suffix (>= 2.0.2, < 6.0)
    amazing_print (1.6.0)
    ast (2.4.2)
    base64 (0.2.0)
    bcrypt (3.1.20)
    bigdecimal (3.1.8)
    bindex (0.8.1)
    bootsnap (1.18.3)
      msgpack (~> 1.2)
    brakeman (6.1.2)
      racc
    builder (3.3.0)
    capybara (3.40.0)
      addressable
      matrix
      mini_mime (>= 0.1.3)
      nokogiri (~> 1.11)
      rack (>= 1.6.0)
      rack-test (>= 0.6.3)
      regexp_parser (>= 1.5, < 3.0)
      xpath (~> 3.2)
    chunky_png (1.4.0)
    concurrent-ruby (1.3.4)
    connection_pool (2.4.1)
    crass (1.0.6)
    csv (3.3.0)
    cuprite (0.15.1)
      capybara (~> 3.0)
      ferrum (~> 0.15.0)
    date (3.3.4)
    debug (1.9.2)
      irb (~> 1.10)
      reline (>= 0.3.8)
    devise (4.9.4)
      bcrypt (~> 3.0)
      orm_adapter (~> 0.1)
      railties (>= 4.1.0)
      responders
      warden (~> 1.2.3)
    devise_invitable (2.0.9)
      actionmailer (>= 5.0)
      devise (>= 4.6)
    dotenv (3.1.2)
    dotenv-rails (3.1.2)
      dotenv (= 3.1.2)
      railties (>= 6.1)
    drb (2.2.1)
    erubi (1.13.0)
    et-orbi (1.2.11)
      tzinfo
    faraday (2.12.0)
      faraday-net_http (>= 2.0, < 3.4)
      json
      logger
    faraday-net_http (3.3.0)
      net-http
    ferrum (0.15)
      addressable (~> 2.5)
      concurrent-ruby (~> 1.1)
      webrick (~> 1.7)
      websocket-driver (~> 0.7)
    ffi (1.17.0-aarch64-linux-gnu)
    ffi (1.17.0-aarch64-linux-musl)
    ffi (1.17.0-arm-linux-gnu)
    ffi (1.17.0-arm-linux-musl)
    ffi (1.17.0-arm64-darwin)
    ffi (1.17.0-x86-linux-gnu)
    ffi (1.17.0-x86-linux-musl)
    ffi (1.17.0-x86_64-darwin)
    ffi (1.17.0-x86_64-linux-gnu)
    ffi (1.17.0-x86_64-linux-musl)
    fugit (1.11.1)
      et-orbi (~> 1, >= 1.2.11)
      raabro (~> 1.4)
    get_process_mem (1.0.0)
      bigdecimal (>= 2.0)
      ffi (~> 1.0)
    globalid (1.2.1)
      activesupport (>= 6.1)
    hashie (5.0.0)
    http-2 (1.0.1)
    httparty (0.22.0)
      csv
      mini_mime (>= 1.0.0)
      multi_xml (>= 0.5.2)
    httpx (1.3.0)
      http-2 (>= 1.0.0)
    i18n (1.14.6)
      concurrent-ruby (~> 1.0)
    image_processing (1.13.0)
      mini_magick (>= 4.9.5, < 5)
      ruby-vips (>= 2.0.17, < 3)
    importmap-rails (2.0.1)
      actionpack (>= 6.0.0)
      activesupport (>= 6.0.0)
      railties (>= 6.0.0)
    io-console (0.7.2)
    irb (1.14.1)
      rdoc (>= 4.0.0)
      reline (>= 0.4.2)
    jbuilder (2.12.0)
      actionview (>= 5.0.0)
      activesupport (>= 5.0.0)
    json (2.7.2)
    jwt (2.9.3)
      base64
    language_server-protocol (3.17.0.3)
    listen (3.9.0)
      rb-fsevent (~> 0.10, >= 0.10.3)
      rb-inotify (~> 0.9, >= 0.9.10)
    logger (1.6.1)
    loofah (2.22.0)
      crass (~> 1.0.2)
      nokogiri (>= 1.12.0)
    mail (2.8.1)
      mini_mime (>= 0.1.1)
      net-imap
      net-pop
      net-smtp
    marcel (1.0.4)
    matrix (0.4.2)
    mini_magick (4.13.2)
    mini_mime (1.1.5)
    minitest (5.25.1)
    mission_control-jobs (0.3.1)
      importmap-rails
      irb (~> 1.13)
      rails (>= 7.1)
      stimulus-rails
      turbo-rails
    msgpack (1.7.2)
    multi_xml (0.7.1)
      bigdecimal (~> 3.1)
    net-http (0.4.1)
      uri
    net-imap (0.4.14)
      date
      net-protocol
    net-pop (0.1.2)
      net-protocol
    net-protocol (0.2.2)
      timeout
    net-smtp (0.5.0)
      net-protocol
    nio4r (2.7.3)
    nokogiri (1.16.7-aarch64-linux)
      racc (~> 1.4)
    nokogiri (1.16.7-arm-linux)
      racc (~> 1.4)
    nokogiri (1.16.7-arm64-darwin)
      racc (~> 1.4)
    nokogiri (1.16.7-x86-linux)
      racc (~> 1.4)
    nokogiri (1.16.7-x86_64-darwin)
      racc (~> 1.4)
    nokogiri (1.16.7-x86_64-linux)
      racc (~> 1.4)
    noticed (2.4.1)
      rails (>= 6.1.0)
    oauth2 (2.0.9)
      faraday (>= 0.17.3, < 3.0)
      jwt (>= 1.0, < 3.0)
      multi_xml (~> 0.5)
      rack (>= 1.2, < 4)
      snaky_hash (~> 2.0)
      version_gem (~> 1.1)
    omniauth (2.1.2)
      hashie (>= 3.4.6)
      rack (>= 2.2.3)
      rack-protection
    omniauth-entra-id (3.0.0)
      omniauth-oauth2 (~> 1.8)
    omniauth-oauth2 (1.8.0)
      oauth2 (>= 1.4, < 3)
      omniauth (~> 2.0)
    omniauth-rails_csrf_protection (1.0.2)
      actionpack (>= 4.2)
      omniauth (~> 2.0)
    openssl (3.2.0)
    orm_adapter (0.5.0)
    pagy (9.0.6)
    parallel (1.25.1)
    parser (3.3.2.0)
      ast (~> 2.4.1)
      racc
    phlex (1.10.3)
    phlex-rails (1.2.1)
      phlex (~> 1.10.0)
      railties (>= 6.1, < 8)
    propshaft (0.9.0)
      actionpack (>= 7.0.0)
      activesupport (>= 7.0.0)
      rack
      railties (>= 7.0.0)
    psych (5.1.2)
      stringio
    public_suffix (5.0.5)
    puma (6.4.2)
      nio4r (~> 2.0)
    raabro (1.4.0)
    racc (1.8.1)
    rack (3.1.7)
    rack-protection (4.0.0)
      base64 (>= 0.1.0)
      rack (>= 3.0.0, < 4)
    rack-session (2.0.0)
      rack (>= 3.0.0)
    rack-test (2.1.0)
      rack (>= 1.3)
    rackup (2.1.0)
      rack (>= 3)
      webrick (~> 1.8)
    rails-dom-testing (2.2.0)
      activesupport (>= 5.0.0)
      minitest
      nokogiri (>= 1.6)
    rails-html-sanitizer (1.6.0)
      loofah (~> 2.21)
      nokogiri (~> 1.14)
    rails_live_reload (0.3.6)
      listen
      nio4r
      railties
      websocket-driver
    rainbow (3.1.1)
    rake (13.2.1)
    rb-fsevent (0.11.2)
    rb-inotify (0.11.1)
      ffi (~> 1.0)
    rdoc (6.7.0)
      psych (>= 4.0.0)
    redcarpet (3.6.0)
    redis (5.3.0)
      redis-client (>= 0.22.0)
    redis-client (0.22.2)
      connection_pool
    regexp_parser (2.9.2)
    reline (0.5.10)
      io-console (~> 0.5)
    responders (3.1.1)
      actionpack (>= 5.2)
      railties (>= 5.2)
    rexml (3.3.6)
      strscan
    rqrcode (2.2.0)
      chunky_png (~> 1.0)
      rqrcode_core (~> 1.0)
    rqrcode_core (1.2.0)
    rrule (0.6.0)
      activesupport (>= 2.3)
      rexml
    rubocop (1.64.1)
      json (~> 2.3)
      language_server-protocol (>= 3.17.0)
      parallel (~> 1.10)
      parser (>= 3.3.0.2)
      rainbow (>= 2.2.2, < 4.0)
      regexp_parser (>= 1.8, < 3.0)
      rexml (>= 3.2.5, < 4.0)
      rubocop-ast (>= 1.31.1, < 2.0)
      ruby-progressbar (~> 1.7)
      unicode-display_width (>= 2.4.0, < 3.0)
    rubocop-ast (1.31.3)
      parser (>= 3.3.1.0)
    rubocop-minitest (0.35.0)
      rubocop (>= 1.61, < 2.0)
      rubocop-ast (>= 1.31.1, < 2.0)
    rubocop-performance (1.21.0)
      rubocop (>= 1.48.1, < 2.0)
      rubocop-ast (>= 1.31.1, < 2.0)
    rubocop-rails (2.25.0)
      activesupport (>= 4.2.0)
      rack (>= 1.1)
      rubocop (>= 1.33.0, < 2.0)
      rubocop-ast (>= 1.31.1, < 2.0)
    rubocop-rails-omakase (1.0.0)
      rubocop
      rubocop-minitest
      rubocop-performance
      rubocop-rails
    ruby-progressbar (1.13.0)
    ruby-vips (2.2.2)
      ffi (~> 1.12)
    securerandom (0.3.1)
    snaky_hash (2.0.1)
      hashie
      logger
      version_gem (~> 1.1, >= 1.1.1)
    solid_queue (0.6.0)
      activejob (>= 7.1)
      activerecord (>= 7.1)
      concurrent-ruby (>= 1.3.1)
      fugit (~> 1.11.0)
      railties (>= 7.1)
    sqlite3 (2.0.4-aarch64-linux-gnu)
    sqlite3 (2.0.4-aarch64-linux-musl)
    sqlite3 (2.0.4-arm-linux-gnu)
    sqlite3 (2.0.4-arm-linux-musl)
    sqlite3 (2.0.4-arm64-darwin)
    sqlite3 (2.0.4-x86-linux-gnu)
    sqlite3 (2.0.4-x86-linux-musl)
    sqlite3 (2.0.4-x86_64-darwin)
    sqlite3 (2.0.4-x86_64-linux-gnu)
    sqlite3 (2.0.4-x86_64-linux-musl)
    stimulus-rails (1.3.3)
      railties (>= 6.0.0)
    stringio (3.1.1)
    strscan (3.1.0)
    superform (0.4.9)
      phlex-rails (~> 1.0)
      zeitwerk (~> 2.6)
    tailwindcss-rails (2.7.7)
      railties (>= 7.0.0)
    tailwindcss-rails (2.7.7-aarch64-linux)
      railties (>= 7.0.0)
    tailwindcss-rails (2.7.7-arm-linux)
      railties (>= 7.0.0)
    tailwindcss-rails (2.7.7-arm64-darwin)
      railties (>= 7.0.0)
    tailwindcss-rails (2.7.7-x86_64-darwin)
      railties (>= 7.0.0)
    tailwindcss-rails (2.7.7-x86_64-linux)
      railties (>= 7.0.0)
    thor (1.3.2)
    timeout (0.4.1)
    turbo-rails (2.0.6)
      actionpack (>= 6.0.0)
      activejob (>= 6.0.0)
      railties (>= 6.0.0)
    tzinfo (2.0.6)
      concurrent-ruby (~> 1.0)
    unicode-display_width (2.5.0)
    uri (0.13.1)
    useragent (0.16.10)
    version_gem (1.1.4)
    warden (1.2.9)
      rack (>= 2.0.9)
    web-console (4.2.1)
      actionview (>= 6.0.0)
      activemodel (>= 6.0.0)
      bindex (>= 0.4.0)
      railties (>= 6.0.0)
    web-push (3.0.1)
      jwt (~> 2.0)
      openssl (~> 3.0)
    webrick (1.8.2)
    websocket-driver (0.7.6)
      websocket-extensions (>= 0.1.0)
    websocket-extensions (0.1.5)
    x (0.14.1)
    xpath (3.2.0)
      nokogiri (~> 1.8)
    zeitwerk (2.6.18)

PLATFORMS
  aarch64-linux
  aarch64-linux-gnu
  aarch64-linux-musl
  arm-linux
  arm-linux-gnu
  arm-linux-musl
  arm64-darwin
  x86-linux
  x86-linux-gnu
  x86-linux-musl
  x86_64-darwin
  x86_64-linux
  x86_64-linux-gnu
  x86_64-linux-musl

DEPENDENCIES
  activerecord-enhancedsqlite3-adapter (~> 0.8.0)
  amazing_print
  bootsnap
  brakeman
  capybara
  cuprite (~> 0.15.1)
  debug
  devise (~> 4.9)
  devise_invitable (~> 2.0)
  dotenv-rails
  get_process_mem (~> 1.0.0)
  httparty (~> 0.22.0)
  httpx (~> 1.3)
  image_processing (~> 1.13)
  importmap-rails
  jbuilder
  mission_control-jobs (~> 0.3.1)
  noticed (~> 2.4)
  omniauth (~> 2.1)
  omniauth-entra-id (~> 3.0)
  omniauth-rails_csrf_protection (~> 1.0)
  pagy (~> 9.0)
  phlex-rails
  propshaft
  psych (~> 5.1.2)
  puma (>= 5.0)
  rails!
  rails_live_reload
  redcarpet (~> 3.6)
  redis (>= 4.0.1)
  rqrcode (~> 2.2)
  rrule (~> 0.6.0)
  rubocop-rails-omakase
  solid_queue (~> 0.6.0)
  sqlite3 (>= 1.4)
  stimulus-rails
  superform (~> 0.4.6)
  tailwindcss-rails
  turbo-rails
  tzinfo-data
  web-console
  web-push (~> 3.0)
  x (~> 0.14.1)

BUNDLED WITH
   2.5.9
